PATH
  remote: .
  specs:
    pagarme (1.0)
      multi_json
      rest-client

GEM
  remote: https://rubygems.org/
  specs:
    activesupport (6.1.3.1)
      concurrent-ruby (~> 1.0, >= 1.0.2)
      i18n (>= 1.6, < 2)
      minitest (>= 5.1)
      tzinfo (~> 2.0)
      zeitwerk (~> 2.3)
    bourne (1.5.0)
      mocha (>= 0.13.2, < 0.15)
    concurrent-ruby (1.1.8)
    i18n (1.8.10)
      concurrent-ruby (~> 1.0)
    metaclass (0.0.1)
    mime-types (2.0)
    minitest (5.14.4)
    mocha (0.14.0)
      metaclass (~> 0.0.1)
    multi_json (1.15.0)
    rake (10.1.0)
    rest-client (1.6.7)
      mime-types (>= 1.16)
    shoulda (3.4.0)
      shoulda-context (~> 1.0, >= 1.0.1)
      shoulda-matchers (~> 1.0, >= 1.4.1)
    shoulda-context (1.1.5)
    shoulda-matchers (1.5.6)
      activesupport (>= 3.0.0)
      bourne (~> 1.3)
    test-unit (2.5.5)
    tzinfo (2.0.4)
      concurrent-ruby (~> 1.0)
    zeitwerk (2.4.2)

PLATFORMS
  ruby

DEPENDENCIES
  bundler (~> 1.3)
  pagarme!
  rake
  shoulda (~> 3.4.0)
  test-unit
